GIT
  remote: https://github.com/chriseppstein/sass-css-importer.git
  revision: 436c7a64aa2f09635deb652263aa1f5e71b7ef92
  specs:
    sass-css-importer (1.0.0.beta.0)
      sass (>= 3.1)

GEM
  remote: https://rubygems.org/
  specs:
    capistrano (3.4.0)
      i18n
      rake (>= 10.0.0)
      sshkit (~> 1.3)
    capistrano-npm (1.0.2)
      capistrano (>= 3.0.0)
    capistrano-passenger (0.2.0)
      capistrano (~> 3.0)
    highline (1.7.8)
    i18n (0.7.0)
    net-scp (1.2.1)
      net-ssh (>= 2.6.5)
    net-ssh (3.2.0)
    rake (12.0.0)
    sass (3.4.22)
    sshkit (1.11.4)
      net-scp (>= 1.1.2)
      net-ssh (>= 2.8.0)

PLATFORMS
  ruby

DEPENDENCIES
  capistrano (= 3.4.0)
  capistrano-npm
  capistrano-passenger
  highline
  sass-css-importer!

BUNDLED WITH
   1.13.6
